PATH
  remote: .
  specs:
    flightxml-json (0.1.0)

GEM
  remote: https://rubygems.org/
  specs:
    rake (12.1.0)

PLATFORMS
  ruby

DEPENDENCIES
  bundler (~> 1.17)
  flightxml-json!
  rake (~> 12.0)

BUNDLED WITH
   1.17.2
